GEM
  remote: http://rubygems.org/
  specs:
    activesupport (3.0.5)
    bson (1.2.4)
    bson_ext (1.2.4)
    chunky_png (0.12.0)
    compass (0.11.beta.3)
      chunky_png (~> 0.12.0)
      sass (>= 3.1.0.alpha.249)
    compass-susy-plugin (0.9.beta.3)
      compass (>= 0.11.beta.3)
    fancy-buttons (1.1.0.alpha.1)
      compass (>= 0.11.beta.1)
    i18n (0.8.0)
    jnunemaker-validatable (1.8.4)
      activesupport (>= 2.3.4)
    mongo (1.2.4)
      bson (>= 1.2.4)
    mongo_mapper (0.8.6)
      activesupport (>= 2.3.4)
      jnunemaker-validatable (~> 1.8.4)
      plucky (~> 0.3.6)
    mustache (0.99.3)
    plucky (0.3.7)
      mongo (~> 1.1)
    rack (1.2.2)
    sass (3.1.0.alpha.249)
    sinatra (1.2.1)
      rack (~> 1.1)
      tilt (>= 1.2.2, < 2.0)
    tilt (1.2.2)

PLATFORMS
  ruby

DEPENDENCIES
  bson_ext
  compass (= 0.11.beta.3)
  compass-susy-plugin (= 0.9.beta.3)
  fancy-buttons (= 1.1.0.alpha.1)
  i18n
  mongo_mapper
  mustache
  sass (= 3.1.0.alpha.249)
  sinatra
